GIT
  remote: https://github.com/ruby-rdf/json-ld.git
  revision: fcd3aedd310aedbd61e6e1f1afa1b37d1ffebc2d
  branch: develop
  specs:
    json-ld (3.3.1)
      htmlentities (~> 4.3)
      json-canonicalization (~> 1.0)
      link_header (~> 0.0, >= 0.0.8)
      multi_json (~> 1.15)
      rack (>= 2.2, < 4)
      rdf (~> 3.3)

GEM
  remote: https://rubygems.org/
  specs:
    addressable (2.8.6)
      public_suffix (>= 2.0.2, < 6.0)
    bcp47_spec (0.2.1)
    builder (3.2.4)
    byebug (11.1.3)
    colorize (1.1.0)
    concurrent-ruby (1.2.3)
    connection_pool (2.4.1)
    ebnf (2.4.0)
      htmlentities (~> 4.3)
      rdf (~> 3.3)
      scanf (~> 1.0)
      sxp (~> 1.3)
      unicode-types (~> 1.8)
    haml (6.3.0)
      temple (>= 0.8.2)
      thor
      tilt
    hamster (3.0.0)
      concurrent-ruby (~> 1.0)
    htmlentities (4.3.4)
    json-canonicalization (1.0.0)
    json-ld-preloaded (3.3.0)
      json-ld (~> 3.3)
      rdf (~> 3.3)
    ld-patch (3.3.0)
      ebnf (~> 2.4)
      rdf (~> 3.3)
      rdf-xsd (~> 3.3)
      sparql (~> 3.3)
      sxp (~> 1.3)
    link_header (0.0.8)
    linkeddata (3.3.1)
      json-ld (~> 3.3)
      json-ld-preloaded (~> 3.3)
      ld-patch (~> 3.3)
      nokogiri (~> 1.15, >= 1.15.4)
      rdf (~> 3.2, >= 3.2.1)
      rdf-aggregate-repo (~> 3.2)
      rdf-hamster-repo (~> 3.3)
      rdf-isomorphic (~> 3.3)
      rdf-json (~> 3.3)
      rdf-microdata (~> 3.3)
      rdf-n3 (~> 3.3)
      rdf-normalize (~> 0.7)
      rdf-ordered-repo (~> 3.3)
      rdf-rdfa (~> 3.3)
      rdf-rdfxml (~> 3.3)
      rdf-reasoner (~> 0.9)
      rdf-tabular (~> 3.3)
      rdf-trig (~> 3.3)
      rdf-trix (~> 3.3)
      rdf-turtle (~> 3.3)
      rdf-vocab (~> 3.3)
      rdf-xsd (~> 3.3)
      shacl (~> 0.4)
      shex (~> 0.8)
      sparql (~> 3.3)
      sparql-client (~> 3.3)
      yaml-ld (~> 0.0)
    logger (1.6.0)
    matrix (0.4.2)
    multi_json (1.15.0)
    net-http-persistent (4.0.2)
      connection_pool (~> 2.2)
    nokogiri (1.16.5-aarch64-linux)
      racc (~> 1.4)
    nokogiri (1.16.5-arm-linux)
      racc (~> 1.4)
    nokogiri (1.16.5-arm64-darwin)
      racc (~> 1.4)
    nokogiri (1.16.5-x86-linux)
      racc (~> 1.4)
    nokogiri (1.16.5-x86_64-darwin)
      racc (~> 1.4)
    nokogiri (1.16.5-x86_64-linux)
      racc (~> 1.4)
    psych (5.1.2)
      stringio
    public_suffix (5.0.4)
    racc (1.7.3)
    rack (3.0.9.1)
    rake (13.1.0)
    rdf (3.3.1)
      bcp47_spec (~> 0.2)
      link_header (~> 0.0, >= 0.0.8)
    rdf-aggregate-repo (3.3.0)
      rdf (~> 3.3)
    rdf-hamster-repo (3.3.0)
      hamster (~> 3.0)
      rdf (~> 3.3)
    rdf-isomorphic (3.3.0)
      rdf (~> 3.3)
    rdf-json (3.3.0)
      rdf (~> 3.3)
    rdf-microdata (3.3.0)
      htmlentities (~> 4.3)
      nokogiri (~> 1.15, >= 1.15.4)
      rdf (~> 3.3)
      rdf-rdfa (~> 3.3)
      rdf-xsd (~> 3.3)
    rdf-n3 (3.3.0)
      ebnf (~> 2.4)
      rdf (~> 3.3)
      sparql (~> 3.3)
      sxp (~> 1.3)
    rdf-normalize (0.7.0)
      rdf (~> 3.3)
    rdf-ordered-repo (3.3.0)
      rdf (~> 3.3)
    rdf-rdfa (3.3.0)
      haml (~> 6.1)
      htmlentities (~> 4.3)
      rdf (~> 3.3)
      rdf-aggregate-repo (~> 3.3)
      rdf-vocab (~> 3.3)
      rdf-xsd (~> 3.3)
    rdf-rdfxml (3.3.0)
      builder (~> 3.2, >= 3.2.4)
      htmlentities (~> 4.3)
      rdf (~> 3.3)
      rdf-xsd (~> 3.3)
    rdf-reasoner (0.9.0)
      rdf (~> 3.3)
      rdf-xsd (~> 3.3)
    rdf-tabular (3.3.0)
      addressable (~> 2.8)
      bcp47_spec (~> 0.2)
      json-ld (~> 3.3)
      rdf (~> 3.3)
      rdf-vocab (~> 3.3)
      rdf-xsd (~> 3.3)
    rdf-trig (3.3.0)
      ebnf (~> 2.4)
      rdf (~> 3.3)
      rdf-turtle (~> 3.3)
    rdf-trix (3.3.0)
      rdf (~> 3.3)
      rdf-xsd (~> 3.3)
    rdf-turtle (3.3.0)
      ebnf (~> 2.4)
      rdf (~> 3.3)
    rdf-vocab (3.3.0)
      rdf (~> 3.3)
    rdf-xsd (3.3.0)
      rdf (~> 3.3)
      rexml (~> 3.2)
    rexml (3.3.6)
      strscan
    scanf (1.0.0)
    shacl (0.4.1)
      json-ld (~> 3.3)
      rdf (~> 3.3)
      sparql (~> 3.3)
      sxp (~> 1.2)
    shex (0.8.0)
      ebnf (~> 2.4)
      htmlentities (~> 4.3)
      json-ld (~> 3.3)
      json-ld-preloaded (~> 3.3)
      rdf (~> 3.3)
      rdf-xsd (~> 3.3)
      sparql (~> 3.3)
      sxp (~> 1.3)
    sparql (3.3.0)
      builder (~> 3.2, >= 3.2.4)
      ebnf (~> 2.4)
      logger (~> 1.5)
      rdf (~> 3.3)
      rdf-aggregate-repo (~> 3.3)
      rdf-xsd (~> 3.3)
      sparql-client (~> 3.3)
      sxp (~> 1.3)
    sparql-client (3.3.0)
      net-http-persistent (~> 4.0, >= 4.0.2)
      rdf (~> 3.3)
    stringio (3.1.0)
    strscan (3.1.0)
    sxp (1.3.0)
      matrix (~> 0.4)
      rdf (~> 3.3)
    temple (0.10.3)
    thor (1.3.0)
    tilt (2.3.0)
    unicode-types (1.9.0)
    yaml-ld (0.0.3)
      json-ld (~> 3.3)
      psych (>= 3.3)
      rdf (~> 3.3)
      rdf-xsd (~> 3.3)

PLATFORMS
  aarch64-linux
  arm-linux
  arm64-darwin
  x86-linux
  x86_64-darwin
  x86_64-linux

DEPENDENCIES
  byebug
  colorize
  json-ld!
  json-ld-preloaded
  linkeddata
  nokogiri
  rake

BUNDLED WITH
   2.5.6
